GEM
  remote: https://rubygems.org/
  specs:
    mocha (1.7.0)

PLATFORMS
  ruby

DEPENDENCIES
  mocha

BUNDLED WITH
   1.16.2
