GEM
  remote: https://rubygems.org/
  specs:
    hoe (3.16.0)
      rake (>= 0.8, < 13.0)
    rake (12.0.0)
    test-unit (1.2.3)
      hoe (>= 1.5.1)

PLATFORMS
  ruby

DEPENDENCIES
  test-unit (= 1.2.3)

BUNDLED WITH
   1.15.1
